GEM
  remote: https://rubygems.org/
  specs:
    celluloid (0.15.1)
      timers (~> 1.1.0)
    funkify (0.0.4)
    timers (1.1.0)

PLATFORMS
  ruby

DEPENDENCIES
  celluloid
  funkify
